GEM
  remote: https://rubygems.org/
  specs:
    htmlentities (4.3.4)
    json (2.3.1)
    mustermann (1.1.1)
      ruby2_keywords (~> 0.0.1)
    rack (2.2.3)
    rack-protection (2.1.0)
      rack
    rake (13.0.1)
    ruby2_keywords (0.0.2)
    sinatra (2.1.0)
      mustermann (~> 1.0)
      rack (~> 2.2)
      rack-protection (= 2.1.0)
      tilt (~> 2.0)
    tilt (2.0.10)

PLATFORMS
  ruby

DEPENDENCIES
  bundler (~> 1.17.2)
  htmlentities
  json
  rake
  sinatra

RUBY VERSION
   ruby 2.7.1p83

BUNDLED WITH
   1.17.2
